GEM
  remote: http://rubygems.org/
  specs:
    active_support (3.0.0)
      activesupport (= 3.0.0)
    activesupport (3.0.0)
    awesome_print (1.0.2)
    git (1.2.5)
    jeweler (1.6.4)
      bundler (~> 1.0)
      git (>= 1.2.5)
      rake
    json (1.6.6)
    mime-types (1.18)
    nokogiri (1.5.0)
    rake (0.9.2.2)
    shoulda-context (1.0.0)
    typhoeus (0.2.4)
      mime-types
      mime-types

PLATFORMS
  ruby

DEPENDENCIES
  active_support (>= 3.0.0)
  awesome_print
  bundler (~> 1.0.0)
  jeweler (~> 1.6.4)
  json
  nokogiri (= 1.5.0)
  shoulda-context
  typhoeus (= 0.2.4)
