GEM
  remote: http://rubygems.org/
  specs:
    awesome_print (0.4.0)
    git (1.2.5)
    jeweler (1.6.4)
      bundler (~> 1.0)
      git (>= 1.2.5)
      rake
    json (1.5.4)
    mime-types (1.16)
    nokogiri (1.5.0)
    rake (0.9.2)
    rcov (0.9.10)
    shoulda (2.11.3)
    typhoeus (0.2.4)
      mime-types
      mime-types

PLATFORMS
  ruby

DEPENDENCIES
  awesome_print
  bundler (~> 1.0.0)
  jeweler (~> 1.6.4)
  json
  nokogiri (= 1.5.0)
  rcov
  shoulda
  typhoeus (= 0.2.4)
