GEM
  remote: http://rubygems.org/
  specs:
    awesome_print (1.0.2)
    git (1.2.5)
    jeweler (1.8.3)
      bundler (~> 1.0)
      git (>= 1.2.5)
      rake
      rdoc
    json (1.6.6)
    mime-types (1.18)
    nokogiri (1.5.2)
    rake (0.9.2.2)
    rdoc (3.12)
      json (~> 1.4)
    shoulda-context (1.0.0)
    typhoeus (0.3.3)
      mime-types

PLATFORMS
  ruby

DEPENDENCIES
  awesome_print
  bundler
  jeweler
  json
  nokogiri
  shoulda-context
  typhoeus
